PATH
  remote: .
  specs:
    minicron (0.9.2.1459510355)
      activerecord (~> 4.0, >= 4.0.3)
      activesupport (~> 4.0)
      ansi-to-html (= 0.0.3)
      aws-sdk (~> 2.1)
      commander (~> 4.3)
      cron2english (~> 0.1)
      erubis (~> 2.7)
      escape (= 0.0.4)
      insidious (~> 0.3)
      mail (~> 2.5, >= 2.5.4)
      mysql2 (= 0.3.18)
      net-http-persistent (~> 2.9)
      net-ssh (~> 2.8)
      pagerduty (~> 1.3, >= 1.3.4)
      parse-cron (~> 0.1, >= 0.1.4)
      pg (= 0.18.2)
      rainbow (~> 2.0)
      sass (~> 3.2, >= 3.2.14)
      sinatra (~> 1.4, >= 1.4.4)
      sinatra-assetpack (= 0.3.3)
      sinatra-contrib (~> 1.4)
      sinatra-flash (= 0.3.0)
      slack-notifier (~> 1.5.1)
      sqlite3 (= 1.3.9)
      sshkey (~> 1.6, >= 1.6.1)
      thin (~> 1.6, >= 1.6.1)
      toml-rb (~> 0.3, >= 0.3.8)
      twilio-ruby (~> 3.1, >= 3.11.5)

GEM
  remote: https://rubygems.org/
  specs:
    activemodel (4.2.6)
      activesupport (= 4.2.6)
      builder (~> 3.1)
    activerecord (4.2.6)
      activemodel (= 4.2.6)
      activesupport (= 4.2.6)
      arel (~> 6.0)
    activesupport (4.2.6)
      i18n (~> 0.7)
      json (~> 1.7, >= 1.7.7)
      minitest (~> 5.1)
      thread_safe (~> 0.3, >= 0.3.4)
      tzinfo (~> 1.1)
    ansi-to-html (0.0.3)
    arel (6.0.3)
    aws-sdk (2.2.31)
      aws-sdk-resources (= 2.2.31)
    aws-sdk-core (2.2.31)
      jmespath (~> 1.0)
    aws-sdk-resources (2.2.31)
      aws-sdk-core (= 2.2.31)
    backports (3.6.8)
    better_errors (2.1.1)
      coderay (>= 1.0.0)
      erubis (>= 2.6.6)
      rack (>= 0.9.0)
    binding_of_caller (0.7.3.pre1)
      debug_inspector (>= 0.0.1)
    builder (3.2.2)
    byebug (8.2.2)
    citrus (3.0.2)
    coderay (1.1.1)
    commander (4.4.0)
      highline (~> 1.7.2)
    cron2english (0.1.6)
    daemons (1.2.3)
    debug_inspector (0.0.2)
    diff-lcs (1.2.5)
    docile (1.1.5)
    erubis (2.7.0)
    escape (0.0.4)
    eventmachine (1.2.0.1)
    highline (1.7.8)
    i18n (0.7.0)
    insidious (0.3)
    jmespath (1.2.2)
      json_pure (>= 1.8.1)
    jsmin (1.0.1)
    json (1.8.3)
    json_pure (1.8.3)
    jwt (1.5.4)
    mail (2.6.4)
      mime-types (>= 1.16, < 4)
    method_source (0.8.2)
    mime-types (3.0)
      mime-types-data (~> 3.2015)
    mime-types-data (3.2016.0221)
    minitest (5.8.4)
    multi_json (1.11.2)
    mysql2 (0.3.18)
    net-http-persistent (2.9.4)
    net-ssh (2.9.4)
    pagerduty (1.4.1)
      json (>= 1.7.7)
    parse-cron (0.1.4)
    pg (0.18.2)
    pry (0.10.3)
      coderay (~> 1.1.0)
      method_source (~> 0.8.1)
      slop (~> 3.4)
    pry-byebug (3.3.0)
      byebug (~> 8.0)
      pry (~> 0.10)
    rack (1.6.4)
    rack-protection (1.5.3)
      rack
    rack-test (0.6.3)
      rack (>= 1.0)
    rainbow (2.1.0)
    rake (10.5.0)
    rspec (3.4.0)
      rspec-core (~> 3.4.0)
      rspec-expectations (~> 3.4.0)
      rspec-mocks (~> 3.4.0)
    rspec-core (3.4.4)
      rspec-support (~> 3.4.0)
    rspec-expectations (3.4.0)
      diff-lcs (>= 1.2.0, < 2.0)
      rspec-support (~> 3.4.0)
    rspec-mocks (3.4.1)
      diff-lcs (>= 1.2.0, < 2.0)
      rspec-support (~> 3.4.0)
    rspec-support (3.4.1)
    sass (3.4.22)
    simplecov (0.11.2)
      docile (~> 1.1.0)
      json (~> 1.8)
      simplecov-html (~> 0.10.0)
    simplecov-html (0.10.0)
    sinatra (1.4.7)
      rack (~> 1.5)
      rack-protection (~> 1.4)
      tilt (>= 1.3, < 3)
    sinatra-assetpack (0.3.3)
      jsmin
      rack-test
      sinatra
      tilt (>= 1.3.0, < 2.0)
    sinatra-contrib (1.4.6)
      backports (>= 2.0)
      multi_json
      rack-protection
      rack-test
      sinatra (~> 1.4.0)
      tilt (>= 1.3, < 3)
    sinatra-flash (0.3.0)
      sinatra (>= 1.0.0)
    slack-notifier (1.5.1)
    slop (3.6.0)
    sqlite3 (1.3.9)
    sshkey (1.8.0)
    thin (1.6.4)
      daemons (~> 1.0, >= 1.0.9)
      eventmachine (~> 1.0, >= 1.0.4)
      rack (~> 1.0)
    thread_safe (0.3.5)
    tilt (1.4.1)
    toml-rb (0.3.12)
      citrus (~> 3.0, > 3.0)
    twilio-ruby (3.16.1)
      builder (>= 2.1.2)
      jwt (~> 1.0)
      multi_json (>= 1.3.0)
    tzinfo (1.2.2)
      thread_safe (~> 0.1)

PLATFORMS
  ruby

DEPENDENCIES
  better_errors (~> 2.1)
  binding_of_caller (= 0.7.3.pre1)
  bundler (~> 1.5)
  minicron!
  pg (= 0.18.2)
  pry (~> 0.10.1)
  pry-byebug (~> 3.1)
  rake (~> 10.1)
  rspec (~> 3.0)
  simplecov (~> 0.8)

BUNDLED WITH
   1.10.6
